PATH
  remote: .
  specs:
    kat (0.1.0)
      thor (~> 0.20)

GEM
  remote: https://rubygems.org/
  specs:
    minitest (5.11.3)
    rake (10.5.0)
    thor (0.20.3)

PLATFORMS
  ruby

DEPENDENCIES
  bundler (~> 2.0)
  kat!
  minitest (~> 5.0)
  rake (~> 10.0)

BUNDLED WITH
   2.0.2
